GIT
  remote: git://github.com/fgrehm/vagrant-cachier.git
  revision: c494876ac106ea6c3b86d5e58b1c461d7a9176f7
  branch: next
  specs:
    vagrant-cachier (0.6.0.dev)

GIT
  remote: git://github.com/fgrehm/vagrant-global-status.git
  revision: 8ae82e2c57b085a030137a40e9b3d232f42e5117
  specs:
    vagrant-global-status (0.1.5.dev)

GIT
  remote: git://github.com/fgrehm/vagrant-lxc.git
  revision: 1083f100adc4cf1bd20e7eb794ecfda94ef8b365
  specs:
    vagrant-lxc (0.7.1.dev)

GIT
  remote: git://github.com/fgrehm/vagrant-notify.git
  revision: 6b40f23a17f48b9df6c3462427f3ac88d9c2304c
  specs:
    vagrant-notify (0.3.0)

GIT
  remote: git://github.com/fgrehm/vagrant-pristine.git
  revision: 503dbc47848c81d0fbfa6840491856f518d244a1
  specs:
    vagrant-pristine (0.3.0)

GIT
  remote: git://github.com/fgrehm/ventriloquist.git
  revision: 8f87f95e69f5dba6faf1b9b8c74ad51a0068d8b7
  specs:
    ventriloquist (0.4.2.dev)
      vocker (~> 0.4.1)

GIT
  remote: git://github.com/mitchellh/vagrant.git
  revision: 4f0eb9504cc786d5a57a43814427e8eb35407a4c
  tag: v1.4.3
  specs:
    vagrant (1.4.3)
      childprocess (~> 0.3.7)
      erubis (~> 2.7.0)
      i18n (~> 0.6.0)
      log4r (~> 1.1.9)
      net-scp (~> 1.1.0)
      net-ssh (>= 2.6.6, < 2.8.0)

PATH
  remote: .
  specs:
    docker-provider (0.1.0.dev)

GEM
  remote: https://rubygems.org/
  specs:
    celluloid (0.15.2)
      timers (~> 1.1.0)
    childprocess (0.3.9)
      ffi (~> 1.0, >= 1.0.11)
    coderay (1.1.0)
    diff-lcs (1.2.5)
    erubis (2.7.0)
    ffi (1.9.3)
    formatador (0.2.4)
    guard (2.3.0)
      formatador (>= 0.2.4)
      listen (~> 2.1)
      lumberjack (~> 1.0)
      pry (>= 0.9.12)
      thor (>= 0.18.1)
    guard-rspec (4.2.5)
      guard (~> 2.1)
      rspec (>= 2.14, < 4.0)
    i18n (0.6.9)
    listen (2.4.0)
      celluloid (>= 0.15.2)
      rb-fsevent (>= 0.9.3)
      rb-inotify (>= 0.9)
    log4r (1.1.10)
    lumberjack (1.0.4)
    method_source (0.8.2)
    net-scp (1.1.2)
      net-ssh (>= 2.6.5)
    net-ssh (2.7.0)
    pry (0.9.12.6)
      coderay (~> 1.0)
      method_source (~> 0.8)
      slop (~> 3.4)
    rake (10.1.1)
    rb-fsevent (0.9.4)
    rb-inotify (0.9.3)
      ffi (>= 0.5.0)
    rspec (2.14.1)
      rspec-core (~> 2.14.0)
      rspec-expectations (~> 2.14.0)
      rspec-mocks (~> 2.14.0)
    rspec-core (2.14.7)
    rspec-expectations (2.14.5)
      diff-lcs (>= 1.1.3, < 2.0)
    rspec-mocks (2.14.5)
    slop (3.4.7)
    thor (0.18.1)
    timers (1.1.0)
    vocker (0.4.1)

PLATFORMS
  ruby

DEPENDENCIES
  bundler (~> 1.3)
  docker-provider!
  guard
  guard-rspec
  rake
  rb-inotify
  rspec
  vagrant!
  vagrant-cachier!
  vagrant-global-status!
  vagrant-lxc!
  vagrant-notify!
  vagrant-pristine!
  ventriloquist!
