GIT
  remote: git://github.com/fgrehm/vagrant-cachier.git
  revision: 536ca7ad54b3096644993f91f363df8a884d4600
  specs:
    vagrant-cachier (0.4.2.dev)

GIT
  remote: git://github.com/fgrehm/vagrant-global-status.git
  revision: a0295400a0e47756cbcb8f97ed9f4449b1fb6b56
  specs:
    vagrant-global-status (0.1.1)

GIT
  remote: git://github.com/fgrehm/vagrant-lxc.git
  revision: 4ca375ec5049fd2e50773b486df84ecd14f0dc4f
  specs:
    vagrant-lxc (0.6.5.dev)

GIT
  remote: git://github.com/fgrehm/vagrant-notify.git
  revision: 4fd0040dc63ac88094aaa52c21496badebe1f938
  specs:
    vagrant-notify (0.3.0)

GIT
  remote: git://github.com/fgrehm/vagrant-pristine.git
  revision: 4638491786943bfbf6f115b1fc379f069963fe46
  specs:
    vagrant-pristine (0.3.0)

GIT
  remote: git://github.com/fgrehm/ventriloquist.git
  revision: 0eadf36c67417b13890715bc365b858b8adcd959
  specs:
    ventriloquist (0.3.3.dev)
      vocker (~> 0.3.3)

GIT
  remote: git://github.com/mitchellh/vagrant.git
  revision: a92e03cf4ce936243d3959b7b5603262a234a58d
  specs:
    vagrant (1.3.6.dev)
      childprocess (~> 0.3.7)
      erubis (~> 2.7.0)
      i18n (~> 0.6.0)
      log4r (~> 1.1.9)
      net-scp (~> 1.1.0)
      net-ssh (~> 2.6.6)

PATH
  remote: .
  specs:
    docker-provider (0.0.2.dev)

GEM
  remote: https://rubygems.org/
  specs:
    celluloid (0.15.2)
      timers (~> 1.1.0)
    childprocess (0.3.9)
      ffi (~> 1.0, >= 1.0.11)
    coderay (1.0.9)
    diff-lcs (1.2.4)
    erubis (2.7.0)
    ffi (1.9.3)
    formatador (0.2.4)
    guard (2.2.2)
      formatador (>= 0.2.4)
      listen (~> 2.1)
      lumberjack (~> 1.0)
      pry (>= 0.9.12)
      thor (>= 0.18.1)
    guard-rspec (4.0.3)
      guard (>= 2.1.1)
      rspec (~> 2.14)
    i18n (0.6.5)
    listen (2.2.0)
      celluloid (>= 0.15.2)
      rb-fsevent (>= 0.9.3)
      rb-inotify (>= 0.9)
    log4r (1.1.10)
    lumberjack (1.0.4)
    method_source (0.8.2)
    net-scp (1.1.2)
      net-ssh (>= 2.6.5)
    net-ssh (2.6.8)
    pry (0.9.12.2)
      coderay (~> 1.0.5)
      method_source (~> 0.8)
      slop (~> 3.4)
    rake (10.1.0)
    rb-fsevent (0.9.3)
    rb-inotify (0.9.2)
      ffi (>= 0.5.0)
    rspec (2.14.1)
      rspec-core (~> 2.14.0)
      rspec-expectations (~> 2.14.0)
      rspec-mocks (~> 2.14.0)
    rspec-core (2.14.7)
    rspec-expectations (2.14.3)
      diff-lcs (>= 1.1.3, < 2.0)
    rspec-mocks (2.14.4)
    slop (3.4.6)
    thor (0.18.1)
    timers (1.1.0)
    vocker (0.3.3)

PLATFORMS
  ruby

DEPENDENCIES
  bundler (~> 1.3)
  docker-provider!
  guard
  guard-rspec
  rake
  rb-inotify
  rspec
  vagrant!
  vagrant-cachier!
  vagrant-global-status!
  vagrant-lxc!
  vagrant-notify!
  vagrant-pristine!
  ventriloquist!
